GEM
  remote: https://rubygems.org/
  specs:
    backports (3.15.0)
    coderay (1.1.2)
    configurability (3.2.0)
      loggability (~> 0.12)
    loggability (0.14.0)
    method_source (0.8.2)
    multi_json (1.13.1)
    mustermann (1.0.3)
    pg (0.21.0)
    pry (0.10.4)
      coderay (~> 1.1.0)
      method_source (~> 0.8.1)
      slop (~> 3.4)
    rack (2.0.8)
    rack-protection (2.0.5)
      rack
    rouge (2.2.1)
    sequel (5.0.0)
    sinatra (2.0.5)
      mustermann (~> 1.0)
      rack (~> 2.0)
      rack-protection (= 2.0.5)
      tilt (~> 2.0)
    sinatra-contrib (2.0.5)
      backports (>= 2.8.2)
      multi_json
      mustermann (~> 1.0)
      rack-protection (= 2.0.5)
      sinatra (= 2.0.5)
      tilt (>= 1.3, < 3)
    sinatra-reloader (1.0)
      sinatra-contrib
    slop (3.6.0)
    tilt (2.0.9)

PLATFORMS
  ruby

DEPENDENCIES
  configurability
  pg
  pry
  rouge
  sequel
  sinatra
  sinatra-reloader

BUNDLED WITH
   1.15.4
