GEM
  remote: https://rubygems.org/
  specs:
    coderay (1.1.2)
    configurability (3.2.0)
      loggability (~> 0.12)
    loggability (0.14.0)
    method_source (0.8.2)
    multi_json (1.15.0)
    mustermann (2.0.2)
      ruby2_keywords (~> 0.0.1)
    pg (0.21.0)
    pry (0.10.4)
      coderay (~> 1.1.0)
      method_source (~> 0.8.1)
      slop (~> 3.4)
    rack (2.2.4)
    rack-protection (2.2.3)
      rack
    rouge (2.2.1)
    ruby2_keywords (0.0.5)
    sequel (5.0.0)
    sinatra (2.2.3)
      mustermann (~> 2.0)
      rack (~> 2.2)
      rack-protection (= 2.2.3)
      tilt (~> 2.0)
    sinatra-contrib (2.2.3)
      multi_json
      mustermann (~> 2.0)
      rack-protection (= 2.2.3)
      sinatra (= 2.2.3)
      tilt (~> 2.0)
    sinatra-reloader (1.0)
      sinatra-contrib
    slop (3.6.0)
    tilt (2.0.11)

PLATFORMS
  ruby

DEPENDENCIES
  configurability
  pg
  pry
  rouge
  sequel
  sinatra
  sinatra-reloader

BUNDLED WITH
   1.15.4
